GIT
  remote: https://github.com/spree-contrib/better_spree_paypal_express.git
  revision: 181cce8bcd14593e3ee0de0e95a2f572f53ef2fe
  specs:
    spree_paypal_express (3.3.0)
      paypal-sdk-merchant
      spree_auth_devise (>= 3.1.0, < 4.0)
      spree_core (>= 3.1.0, < 5.0)
      spree_extension

GIT
  remote: https://github.com/spree-contrib/spree_editor.git
  revision: aa7f8b6474b6fd4dbad516f115e2b1cac65c33cb
  specs:
    spree_editor (3.3.2)
      ckeditor (~> 4.2.0)
      spree_backend (>= 3.1.0, < 4.0)
      spree_core (>= 3.1.0, < 4.0)
      spree_extension
      tinymce-rails (~> 4.2.5)

GIT
  remote: https://github.com/spree-contrib/spree_i18n.git
  revision: a03ecad00a1e64ac24acc92ac49febea384d2428
  specs:
    spree_i18n (3.3.2)
      i18n_data
      kaminari-i18n
      rails-i18n
      routing-filter
      spree_core (>= 3.1.0, < 5.0)
      spree_extension

GIT
  remote: https://github.com/spree-contrib/spree_slider.git
  revision: 534fed21ae50a7ac44472f5884a7c1df981e4ef3
  specs:
    spree_slider (3.3.0)
      spree_backend (>= 3.1.0, < 4.0)
      spree_core (>= 3.1.0, < 4.0)

GIT
  remote: https://github.com/spree-contrib/spree_social.git
  revision: 9a06d71523b13421c5120b79b6f5b0f8e32e691c
  specs:
    spree_social (3.3.2)
      oa-core
      omniauth
      omniauth-amazon
      omniauth-facebook
      omniauth-github
      omniauth-google-oauth2
      omniauth-twitter
      spree_auth_devise (>= 3.1.0, < 5.0)
      spree_core (>= 3.1.0, < 5.0)
      spree_extension

GIT
  remote: https://github.com/spree-contrib/spree_volume_pricing.git
  revision: 7b15e331a687cee803e1d3781e37841f533d28f4
  specs:
    spree_volume_pricing (3.3.1)
      spree_core (>= 3.1.0, < 5.0)
      spree_extension

GIT
  remote: https://github.com/vinsol-spree-contrib/spree_address_auto_complete
  revision: c3b3084e6be9c8af4c03f1d13325f4cf083714e7
  branch: master
  specs:
    spree_address_auto_complete (3.7.0)
      spree (>= 3.2.0, < 4.0)

GIT
  remote: https://github.com/vinsol-spree-contrib/spree_admin_activity_tracker.git
  revision: aa2599e48a415ad4e2a1e0b457235fae6f421a5e
  branch: develop
  specs:
    spree_admin_activity_tracker (0.0.1.alpha)
      spree_core (>= 3.1.0, < 4.0)
      spree_extension

GIT
  remote: https://github.com/vinsol-spree-contrib/spree_admin_roles_and_access.git
  revision: b1fbacfc01df1d2e930fe818dda4803416a289d5
  specs:
    spree_admin_roles_and_access (3.pre.0.pre.stable)
      spree_auth_devise
      spree_core (>= 3.2.0, < 4.0.0)

GIT
  remote: https://github.com/vinsol-spree-contrib/spree_order_events_tracker.git
  revision: f38d745b3e34d1d0c4ef374d7c59a12e358fbeea
  branch: develop
  specs:
    spree_order_events_tracker (0.0.1.alpha)
      spree_core (>= 3.1.0, < 4.0)
      spree_extension

PATH
  remote: extensiones/spree-html-invoice
  specs:
    spree_html_invoice (3.6.1)
      spree_core (>= 3.2.0, < 4.0)

PATH
  remote: extensiones/spree-point-of-sale
  specs:
    spree-point-of-sale (3.6.5)
      barby
      chunky_png
      prawn
      spree_core (~> 3.6)

GEM
  remote: https://rubygems.org/
  specs:
    actioncable (5.2.3)
      actionpack (= 5.2.3)
      nio4r (~> 2.0)
      websocket-driver (>= 0.6.1)
    actionmailer (5.2.3)
      actionpack (= 5.2.3)
      actionview (= 5.2.3)
      activejob (= 5.2.3)
      mail (~> 2.5, >= 2.5.4)
      rails-dom-testing (~> 2.0)
    actionpack (5.2.3)
      actionview (= 5.2.3)
      activesupport (= 5.2.3)
      rack (~> 2.0)
      rack-test (>= 0.6.3)
      rails-dom-testing (~> 2.0)
      rails-html-sanitizer (~> 1.0, >= 1.0.2)
    actionview (5.2.3)
      activesupport (= 5.2.3)
      builder (~> 3.1)
      erubi (~> 1.4)
      rails-dom-testing (~> 2.0)
      rails-html-sanitizer (~> 1.0, >= 1.0.3)
    activejob (5.2.3)
      activesupport (= 5.2.3)
      globalid (>= 0.3.6)
    activemerchant (1.93.0)
      activesupport (>= 4.2)
      builder (>= 2.1.2, < 4.0.0)
      i18n (>= 0.6.9)
      nokogiri (~> 1.4)
    activemodel (5.2.3)
      activesupport (= 5.2.3)
    activemodel-serializers-xml (1.0.2)
      activemodel (> 5.x)
      activesupport (> 5.x)
      builder (~> 3.1)
    activerecord (5.2.3)
      activemodel (= 5.2.3)
      activesupport (= 5.2.3)
      arel (>= 9.0)
    activerecord-nulldb-adapter (0.3.9)
      activerecord (>= 2.0.0)
    activestorage (5.2.3)
      actionpack (= 5.2.3)
      activerecord (= 5.2.3)
      marcel (~> 0.3.1)
    activesupport (5.2.3)
      concurrent-ruby (~> 1.0, >= 1.0.2)
      i18n (>= 0.7, < 2)
      minitest (~> 5.1)
      tzinfo (~> 1.1)
    acts-as-taggable-on (6.0.0)
      activerecord (~> 5.0)
    acts_as_list (0.9.19)
      activerecord (>= 3.0)
    addressable (2.6.0)
      public_suffix (>= 2.0.2, < 4.0)
    ajax-datatables-rails (1.0.0)
      railties (>= 4.2)
    arel (9.0.0)
    autoprefixer-rails (9.5.1)
      execjs
    awesome_nested_set (3.1.4)
      activerecord (>= 4.0.0, < 5.3)
    awesome_print (1.8.0)
    barby (0.6.6)
    bcrypt (3.1.12)
    bindex (0.7.0)
    bootsnap (1.4.4)
      msgpack (~> 1.0)
    bootstrap-sass (3.4.1)
      autoprefixer-rails (>= 5.2.1)
      sassc (>= 2.0.0)
    builder (3.2.3)
    byebug (11.0.1)
    callsite (0.0.11)
    camertron-eprun (1.1.1)
    cancancan (2.3.0)
    canonical-rails (0.2.5)
      rails (>= 4.1, < 6.1)
    carmen (1.0.2)
      activesupport (>= 3.0.0)
    chunky_png (1.3.11)
    ckeditor (4.2.4)
      cocaine
      orm_adapter (~> 0.5.0)
    cldr-plurals-runtime-rb (1.0.1)
    climate_control (0.2.0)
    cocaine (0.6.0)
      terrapin (= 0.6.0)
    coderay (1.1.2)
    coffee-rails (4.2.2)
      coffee-script (>= 2.2.0)
      railties (>= 4.0.0)
    coffee-script (2.4.1)
      coffee-script-source
      execjs
    coffee-script-source (1.12.2)
    concurrent-ruby (1.1.5)
    crass (1.0.4)
    css_parser (1.7.0)
      addressable
    csv (3.0.4)
    deface (1.3.2)
      nokogiri (>= 1.6)
      polyglot
      rails (>= 4.1)
      rainbow (>= 2.1.0)
    devise (4.6.2)
      bcrypt (~> 3.0)
      orm_adapter (~> 0.1)
      railties (>= 4.1.0, < 6.0)
      responders
      warden (~> 1.2.3)
    devise-encryptable (0.2.0)
      devise (>= 2.1.0)
    doorkeeper (5.1.0)
      railties (>= 5)
    draper (3.1.0)
      actionpack (>= 5.0)
      activemodel (>= 5.0)
      activemodel-serializers-xml (>= 1.0)
      activesupport (>= 5.0)
      request_store (>= 1.0)
    elasticsearch (7.0.0)
      elasticsearch-api (= 7.0.0)
      elasticsearch-transport (= 7.0.0)
    elasticsearch-api (7.0.0)
      multi_json
    elasticsearch-model (6.0.0)
      activesupport (> 3)
      elasticsearch (> 1)
      hashie
    elasticsearch-rails (6.0.0)
    elasticsearch-transport (7.0.0)
      faraday
      multi_json
    erubi (1.8.0)
    execjs (2.7.0)
    faraday (0.15.4)
      multipart-post (>= 1.2, < 3)
    fast_jsonapi (1.5)
      activesupport (>= 4.2)
    ffaker (2.11.0)
    ffi (1.10.0)
    figaro (1.1.1)
      thor (~> 0.14)
    friendly_id (5.2.5)
      activerecord (>= 4.0.0)
    globalid (0.4.2)
      activesupport (>= 4.2.0)
    hashie (3.6.0)
    highline (2.0.2)
    hirb (0.7.3)
    htmlentities (4.3.4)
    i18n (1.6.0)
      concurrent-ruby (~> 1.0)
    i18n_data (0.10.0)
    jbuilder (2.8.0)
      activesupport (>= 4.2.0)
      multi_json (>= 1.2)
    jquery-rails (4.3.3)
      rails-dom-testing (>= 1, < 3)
      railties (>= 4.2.0)
      thor (>= 0.14, < 2.0)
    jquery-ui-rails (6.0.1)
      railties (>= 3.2.16)
    jwt (2.1.0)
    kaminari (1.0.1)
      activesupport (>= 4.1.0)
      kaminari-actionview (= 1.0.1)
      kaminari-activerecord (= 1.0.1)
      kaminari-core (= 1.0.1)
    kaminari-actionview (1.0.1)
      actionview
      kaminari-core (= 1.0.1)
    kaminari-activerecord (1.0.1)
      activerecord
      kaminari-core (= 1.0.1)
    kaminari-core (1.0.1)
    kaminari-i18n (0.5.0)
      kaminari
      rails
    listen (3.1.5)
      rb-fsevent (~> 0.9, >= 0.9.4)
      rb-inotify (~> 0.9, >= 0.9.7)
      ruby_dep (~> 1.2)
    loofah (2.2.3)
      crass (~> 1.0.2)
      nokogiri (>= 1.5.9)
    mail (2.7.1)
      mini_mime (>= 0.1.1)
    marcel (0.3.3)
      mimemagic (~> 0.3.2)
    meta_request (0.7.0)
      callsite (~> 0.0, >= 0.0.11)
      rack-contrib (>= 1.1, < 3)
      railties (>= 3.0.0, < 7)
    method_source (0.9.2)
    mime-types (3.2.2)
      mime-types-data (~> 3.2015)
    mime-types-data (3.2019.0331)
    mimemagic (0.3.3)
    mini_magick (4.8.0)
    mini_mime (1.0.1)
    mini_portile2 (2.4.0)
    minitest (5.11.3)
    monetize (1.9.1)
      money (~> 6.12)
    money (6.13.3)
      i18n (>= 0.6.4, <= 2)
    msgpack (1.2.10)
    multi_json (1.13.1)
    multi_xml (0.6.0)
    multipart-post (2.0.0)
    nio4r (2.3.1)
    nokogiri (1.10.3)
      mini_portile2 (~> 2.4.0)
    oa-core (0.3.2)
    oauth (0.5.4)
    oauth2 (1.4.1)
      faraday (>= 0.8, < 0.16.0)
      jwt (>= 1.0, < 3.0)
      multi_json (~> 1.3)
      multi_xml (~> 0.5)
      rack (>= 1.2, < 3)
    omniauth (1.9.0)
      hashie (>= 3.4.6, < 3.7.0)
      rack (>= 1.6.2, < 3)
    omniauth-amazon (1.0.1)
      omniauth (~> 1.0)
      omniauth-oauth2 (~> 1.1)
    omniauth-facebook (5.0.0)
      omniauth-oauth2 (~> 1.2)
    omniauth-github (1.3.0)
      omniauth (~> 1.5)
      omniauth-oauth2 (>= 1.4.0, < 2.0)
    omniauth-google-oauth2 (0.6.1)
      jwt (>= 2.0)
      omniauth (>= 1.1.1)
      omniauth-oauth2 (>= 1.5)
    omniauth-oauth (1.1.0)
      oauth
      omniauth (~> 1.0)
    omniauth-oauth2 (1.6.0)
      oauth2 (~> 1.1)
      omniauth (~> 1.9)
    omniauth-twitter (1.4.0)
      omniauth-oauth (~> 1.1)
      rack
    orm_adapter (0.5.0)
    paperclip (6.1.0)
      activemodel (>= 4.2.0)
      activesupport (>= 4.2.0)
      mime-types
      mimemagic (~> 0.3.0)
      terrapin (~> 0.6.0)
    paranoia (2.4.2)
      activerecord (>= 4.0, < 6.1)
    paypal-sdk-core (0.3.4)
      multi_json (~> 1.0)
      xml-simple
    paypal-sdk-merchant (1.117.2)
      paypal-sdk-core (~> 0.3.0)
    pdf-core (0.7.0)
    pg (1.1.4)
    polyglot (0.3.5)
    prawn (2.2.2)
      pdf-core (~> 0.7.0)
      ttfunk (~> 1.5)
    premailer (1.11.1)
      addressable
      css_parser (>= 1.6.0)
      htmlentities (>= 4.0.0)
    premailer-rails (1.10.2)
      actionmailer (>= 3, < 6)
      premailer (~> 1.7, >= 1.7.9)
    pry (0.12.2)
      coderay (~> 1.1.0)
      method_source (~> 0.9.0)
    public_suffix (3.0.3)
    puma (3.12.1)
    rabl (0.13.1)
      activesupport (>= 2.3.14)
    rack (2.0.7)
    rack-contrib (2.1.0)
      rack (~> 2.0)
    rack-test (1.1.0)
      rack (>= 1.0, < 3)
    rails (5.2.3)
      actioncable (= 5.2.3)
      actionmailer (= 5.2.3)
      actionpack (= 5.2.3)
      actionview (= 5.2.3)
      activejob (= 5.2.3)
      activemodel (= 5.2.3)
      activerecord (= 5.2.3)
      activestorage (= 5.2.3)
      activesupport (= 5.2.3)
      bundler (>= 1.3.0)
      railties (= 5.2.3)
      sprockets-rails (>= 2.0.0)
    rails-dom-testing (2.0.3)
      activesupport (>= 4.2.0)
      nokogiri (>= 1.6)
    rails-html-sanitizer (1.0.4)
      loofah (~> 2.2, >= 2.2.2)
    rails-i18n (5.1.3)
      i18n (>= 0.7, < 2)
      railties (>= 5.0, < 6)
    railties (5.2.3)
      actionpack (= 5.2.3)
      activesupport (= 5.2.3)
      method_source
      rake (>= 0.8.7)
      thor (>= 0.19.0, < 2.0)
    rainbow (3.0.0)
    rake (12.3.2)
    ransack (2.1.1)
      actionpack (>= 5.0)
      activerecord (>= 5.0)
      activesupport (>= 5.0)
      i18n
    rb-fsevent (0.10.3)
    rb-inotify (0.10.0)
      ffi (~> 1.0)
    redis (4.1.0)
    request_store (1.4.1)
      rack (>= 1.4)
    responders (2.4.1)
      actionpack (>= 4.2.0, < 6.0)
      railties (>= 4.2.0, < 6.0)
    routing-filter (0.6.2)
      actionpack (>= 4.2, < 6)
      activesupport (>= 4.2, < 6)
    ruby_dep (1.5.0)
    sass (3.7.4)
      sass-listen (~> 4.0.0)
    sass-listen (4.0.0)
      rb-fsevent (~> 0.9, >= 0.9.4)
      rb-inotify (~> 0.9, >= 0.9.7)
    sass-rails (5.0.7)
      railties (>= 4.0.0, < 6)
      sass (~> 3.1)
      sprockets (>= 2.8, < 4.0)
      sprockets-rails (>= 2.0, < 4.0)
      tilt (>= 1.1, < 3)
    sassc (2.0.1)
      ffi (~> 1.9)
      rake
    select2-rails (3.5.9.1)
      thor (~> 0.14)
    semantic-ui-sass (2.4.0.1)
      sass (>= 3.2)
    spree (3.7.2)
      spree_api (= 3.7.2)
      spree_backend (= 3.7.2)
      spree_cmd (= 3.7.2)
      spree_core (= 3.7.2)
      spree_frontend (= 3.7.2)
      spree_sample (= 3.7.2)
    spree_api (3.7.2)
      doorkeeper (~> 5.0)
      fast_jsonapi (~> 1.5)
      rabl (~> 0.13.1)
      spree_core (= 3.7.2)
      versioncake (~> 3.4.0)
    spree_auth_devise (3.5.1)
      devise (>= 4.4, < 4.7)
      devise-encryptable (= 0.2.0)
      spree_core (>= 3.1.0, < 4.0)
      spree_extension
    spree_backend (3.7.2)
      bootstrap-sass (~> 3.4)
      jquery-rails (~> 4.3)
      jquery-ui-rails (~> 6.0.1)
      select2-rails (= 3.5.9.1)
      spree_api (= 3.7.2)
      spree_core (= 3.7.2)
    spree_cmd (3.7.2)
      thor (~> 0.14)
    spree_core (3.7.2)
      activemerchant (~> 1.67)
      acts-as-taggable-on (~> 6.0)
      acts_as_list (~> 0.8)
      awesome_nested_set (~> 3.1.4)
      cancancan (~> 2.0)
      carmen (~> 1.0.0)
      deface (~> 1.0)
      ffaker (~> 2.9)
      friendly_id (~> 5.2.1)
      highline (~> 2.0.0)
      kaminari (~> 1.0.1)
      mini_magick (~> 4.8.0)
      monetize (~> 1.9)
      money (~> 6.13)
      paperclip (~> 6.1.0)
      paranoia (~> 2.4.1)
      premailer-rails
      rails (~> 5.2.1, >= 5.2.1.1)
      ransack (~> 2.1.1)
      responders
      sprockets-rails
      state_machines-activerecord (~> 0.5)
      stringex
      twitter_cldr (~> 4.3)
    spree_extension (0.0.9)
      activerecord (>= 4.2)
      spree_core
    spree_frontend (3.7.2)
      bootstrap-sass (~> 3.4)
      canonical-rails (~> 0.2.3)
      jquery-rails (~> 4.3)
      spree_api (= 3.7.2)
      spree_core (= 3.7.2)
    spree_gateway (3.4.1)
      spree_core (>= 3.1.0, < 4.0)
      spree_extension
    spree_sample (3.7.2)
      spree_core (= 3.7.2)
    spring (2.0.2)
      activesupport (>= 4.2)
    spring-watcher-listen (2.0.1)
      listen (>= 2.7, < 4.0)
      spring (>= 1.2, < 3.0)
    sprockets (3.7.2)
      concurrent-ruby (~> 1.0)
      rack (> 1, < 3)
    sprockets-rails (3.2.1)
      actionpack (>= 4.0)
      activesupport (>= 4.0)
      sprockets (>= 3.0.0)
    state_machines (0.5.0)
    state_machines-activemodel (0.6.0)
      activemodel (>= 4.1, < 6.0)
      state_machines (>= 0.5.0)
    state_machines-activerecord (0.6.0)
      activerecord (>= 4.1)
      state_machines-activemodel (>= 0.5.0)
    stringex (2.8.5)
    terrapin (0.6.0)
      climate_control (>= 0.0.3, < 1.0)
    thor (0.20.3)
    thread_safe (0.3.6)
    tilt (2.0.9)
    tinymce-rails (4.2.8)
      railties (>= 3.1.1)
    tinymce-rails-langs (4.20180103)
      tinymce-rails (~> 4.1, >= 4.1.10)
    ttfunk (1.5.1)
    turbolinks (5.2.0)
      turbolinks-source (~> 5.2)
    turbolinks-source (5.2.0)
    twitter_cldr (4.4.4)
      camertron-eprun
      cldr-plurals-runtime-rb (~> 1.0)
      tzinfo
    tzinfo (1.2.5)
      thread_safe (~> 0.1)
    uglifier (4.1.20)
      execjs (>= 0.3.0, < 3)
    versioncake (3.4.0)
      actionpack (>= 3.2)
      activesupport (>= 3.2)
      railties (>= 3.2)
      tzinfo
    vertical-timeline-rails (0.1.0)
    warden (1.2.8)
      rack (>= 2.0.6)
    web-console (3.7.0)
      actionview (>= 5.0)
      activemodel (>= 5.0)
      bindex (>= 0.4.0)
      railties (>= 5.0)
    websocket-driver (0.7.0)
      websocket-extensions (>= 0.1.0)
    websocket-extensions (0.1.3)
    xml-simple (1.1.5)
    yajl-ruby (1.4.1)

PLATFORMS
  ruby

DEPENDENCIES
  activerecord-nulldb-adapter
  ajax-datatables-rails
  awesome_print
  barby (~> 0.6.6)
  bootsnap (>= 1.1.0)
  byebug
  coffee-rails (~> 4.2)
  csv
  draper
  elasticsearch-model
  elasticsearch-rails
  figaro
  hirb
  jbuilder (~> 2.5)
  listen (>= 3.0.5, < 3.2)
  meta_request
  pg (~> 1.0)
  pry
  puma (~> 3.11)
  rails (~> 5.2.2, >= 5.2.2.1)
  redis (~> 4.0)
  sass-rails (~> 5.0)
  semantic-ui-sass
  spree (~> 3.7)
  spree-point-of-sale!
  spree_address_auto_complete!
  spree_admin_activity_tracker!
  spree_admin_roles_and_access!
  spree_auth_devise (~> 3.5)
  spree_editor!
  spree_gateway (~> 3.4)
  spree_html_invoice!
  spree_i18n!
  spree_order_events_tracker!
  spree_paypal_express!
  spree_slider!
  spree_social!
  spree_volume_pricing!
  spring
  spring-watcher-listen (~> 2.0.0)
  tinymce-rails-langs
  turbolinks (~> 5)
  tzinfo-data
  uglifier (>= 1.3.0)
  vertical-timeline-rails
  web-console (>= 3.3.0)
  yajl-ruby

RUBY VERSION
   ruby 2.6.2p47

BUNDLED WITH
   1.17.2
